PATH
  remote: .
  specs:
    fluent-plugin-google-cloud-storage (1.1.0)
      fluent-mixin-config-placeholders (>= 0.3.0)
      fluent-mixin-plaintextformatter (>= 0.2.1)
      fluentd (~> 0.12.0)
      google-api-client (~> 0.9.3)
      mime-types (>= 3.0)

GEM
  remote: https://rubygems.org/
  specs:
    addressable (2.4.0)
    cool.io (1.4.4)
    faraday (0.9.2)
      multipart-post (>= 1.2, < 3)
    fluent-mixin-config-placeholders (0.4.0)
      fluentd
      uuidtools (>= 2.1.5)
    fluent-mixin-plaintextformatter (0.2.6)
      fluentd
      ltsv
    fluentd (0.12.28)
      cool.io (>= 1.2.2, < 2.0.0)
      http_parser.rb (>= 0.5.1, < 0.7.0)
      json (>= 1.4.3)
      msgpack (>= 0.5.11, < 0.6.0)
      sigdump (~> 0.2.2)
      string-scrub (>= 0.0.3, <= 0.0.5)
      tzinfo (>= 1.0.0)
      tzinfo-data (>= 1.0.0)
      yajl-ruby (~> 1.0)
    google-api-client (0.9.11)
      addressable (~> 2.3)
      googleauth (~> 0.5)
      httpclient (~> 2.7)
      hurley (~> 0.1)
      memoist (~> 0.11)
      mime-types (>= 1.6)
      representable (~> 2.3.0)
      retriable (~> 2.0)
      thor (~> 0.19)
    googleauth (0.5.1)
      faraday (~> 0.9)
      jwt (~> 1.4)
      logging (~> 2.0)
      memoist (~> 0.12)
      multi_json (~> 1.11)
      os (~> 0.9)
      signet (~> 0.7)
    http_parser.rb (0.6.0)
    httpclient (2.8.2)
    hurley (0.2)
    json (2.0.2)
    jwt (1.5.4)
    little-plugger (1.1.4)
    logging (2.1.0)
      little-plugger (~> 1.1)
      multi_json (~> 1.10)
    ltsv (0.1.0)
    memoist (0.14.0)
    mime-types (3.1)
      mime-types-data (~> 3.2015)
    mime-types-data (3.2016.0521)
    msgpack (0.5.12)
    multi_json (1.12.1)
    multipart-post (2.0.0)
    os (0.9.6)
    power_assert (0.3.0)
    rake (11.2.2)
    representable (2.3.0)
      uber (~> 0.0.7)
    retriable (2.1.0)
    sigdump (0.2.4)
    signet (0.7.3)
      addressable (~> 2.3)
      faraday (~> 0.9)
      jwt (~> 1.5)
      multi_json (~> 1.10)
    string-scrub (0.0.5)
    test-unit (3.0.9)
      power_assert
    thor (0.19.1)
    thread_safe (0.3.5)
    tzinfo (1.2.2)
      thread_safe (~> 0.1)
    tzinfo-data (1.2016.6)
      tzinfo (>= 1.0.0)
    uber (0.0.15)
    uuidtools (2.1.5)
    yajl-ruby (1.2.1)

PLATFORMS
  ruby

DEPENDENCIES
  fluent-plugin-google-cloud-storage!
  rake
  test-unit (~> 3.0.2)

BUNDLED WITH
   1.12.5
